GEM
  remote: https://rubygems.org/
  specs:
    byebug (11.1.3)
    coderay (1.1.3)
    json (2.6.1)
    method_source (1.0.0)
    minitest (5.15.0)
    pry (0.13.1)
      coderay (~> 1.1)
      method_source (~> 1.0)
    pry-byebug (3.9.0)
      byebug (~> 11.0)
      pry (~> 0.13.0)
    yaml (0.2.0)

PLATFORMS
  arm64-darwin-21

DEPENDENCIES
  json
  minitest
  pry-byebug
  yaml

BUNDLED WITH
   2.3.7
